GEM
  remote: https://rubygems.org/
  specs:
    actioncable (5.2.4.1)
      actionpack (= 5.2.4.1)
      nio4r (~> 2.0)
      websocket-driver (>= 0.6.1)
    actionmailer (5.2.4.1)
      actionpack (= 5.2.4.1)
      actionview (= 5.2.4.1)
      activejob (= 5.2.4.1)
      mail (~> 2.5, >= 2.5.4)
      rails-dom-testing (~> 2.0)
    actionpack (5.2.4.1)
      actionview (= 5.2.4.1)
      activesupport (= 5.2.4.1)
      rack (~> 2.0, >= 2.0.8)
      rack-test (>= 0.6.3)
      rails-dom-testing (~> 2.0)
      rails-html-sanitizer (~> 1.0, >= 1.0.2)
    actionview (5.2.4.1)
      activesupport (= 5.2.4.1)
      builder (~> 3.1)
      erubi (~> 1.4)
      rails-dom-testing (~> 2.0)
      rails-html-sanitizer (~> 1.0, >= 1.0.3)
    activejob (5.2.4.1)
      activesupport (= 5.2.4.1)
      globalid (>= 0.3.6)
    activemodel (5.2.4.1)
      activesupport (= 5.2.4.1)
    activerecord (5.2.4.1)
      activemodel (= 5.2.4.1)
      activesupport (= 5.2.4.1)
      arel (>= 9.0)
    activestorage (5.2.4.1)
      actionpack (= 5.2.4.1)
      activerecord (= 5.2.4.1)
      marcel (~> 0.3.1)
    activesupport (5.2.4.1)
      concurrent-ruby (~> 1.0, >= 1.0.2)
      i18n (>= 0.7, < 2)
      minitest (~> 5.1)
      tzinfo (~> 1.1)
    addressable (2.7.0)
      public_suffix (>= 2.0.2, < 5.0)
    arel (9.0.0)
    ast (2.4.0)
    builder (3.2.4)
    byebug (11.1.1)
    concurrent-ruby (1.1.6)
    crack (0.4.3)
      safe_yaml (~> 1.0.0)
    crass (1.0.6)
    diff-lcs (1.3)
    docile (1.3.2)
    dotenv (2.7.5)
    dotenv-rails (2.7.5)
      dotenv (= 2.7.5)
      railties (>= 3.2, < 6.1)
    erubi (1.9.0)
    excon (0.72.0)
    excon-rails (1.0.0)
      activesupport (>= 3.0)
      excon (>= 0.18.0)
      sweet_notifications (~> 1.0)
    faraday (0.9.2)
      multipart-post (>= 1.2, < 3)
    ffi (1.9.25)
    globalid (0.4.2)
      activesupport (>= 4.2.0)
    hashdiff (1.0.0)
    i18n (1.8.2)
      concurrent-ruby (~> 1.0)
    jbuilder (2.10.0)
      activesupport (>= 5.0.0)
    listen (3.0.8)
      rb-fsevent (~> 0.9, >= 0.9.4)
      rb-inotify (~> 0.9, >= 0.9.7)
    loofah (2.4.0)
      crass (~> 1.0.2)
      nokogiri (>= 1.5.9)
    mail (2.7.1)
      mini_mime (>= 0.1.1)
    marcel (0.3.3)
      mimemagic (~> 0.3.2)
    method_source (0.9.2)
    mimemagic (0.3.4)
    mini_mime (1.0.2)
    mini_portile2 (2.4.0)
    minitest (5.14.0)
    multipart-post (2.1.1)
    newrelic_rpm (4.8.0.341)
    nio4r (2.5.2)
    nokogiri (1.10.8)
      mini_portile2 (~> 2.4.0)
    parallel (1.19.1)
    parser (2.7.0.2)
      ast (~> 2.4.0)
    pg (0.21.0)
    powerpack (0.1.2)
    public_suffix (4.0.3)
    puma (3.12.2)
    rack (2.2.2)
    rack-test (1.1.0)
      rack (>= 1.0, < 3)
    rails (5.2.4.1)
      actioncable (= 5.2.4.1)
      actionmailer (= 5.2.4.1)
      actionpack (= 5.2.4.1)
      actionview (= 5.2.4.1)
      activejob (= 5.2.4.1)
      activemodel (= 5.2.4.1)
      activerecord (= 5.2.4.1)
      activestorage (= 5.2.4.1)
      activesupport (= 5.2.4.1)
      bundler (>= 1.3.0)
      railties (= 5.2.4.1)
      sprockets-rails (>= 2.0.0)
    rails-dom-testing (2.0.3)
      activesupport (>= 4.2.0)
      nokogiri (>= 1.6)
    rails-html-sanitizer (1.3.0)
      loofah (~> 2.3)
    railties (5.2.4.1)
      actionpack (= 5.2.4.1)
      activesupport (= 5.2.4.1)
      method_source
      rake (>= 0.8.7)
      thor (>= 0.19.0, < 2.0)
    rainbow (3.0.0)
    rake (13.0.1)
    rb-fsevent (0.10.3)
    rb-inotify (0.10.1)
      ffi (~> 1.0)
    rb-readline (0.5.5)
    request_store (1.5.0)
      rack (>= 1.4)
    rspec-core (3.9.1)
      rspec-support (~> 3.9.1)
    rspec-expectations (3.9.0)
      diff-lcs (>= 1.2.0, < 2.0)
      rspec-support (~> 3.9.0)
    rspec-mocks (3.9.1)
      diff-lcs (>= 1.2.0, < 2.0)
      rspec-support (~> 3.9.0)
    rspec-rails (3.9.0)
      actionpack (>= 3.0)
      activesupport (>= 3.0)
      railties (>= 3.0)
      rspec-core (~> 3.9.0)
      rspec-expectations (~> 3.9.0)
      rspec-mocks (~> 3.9.0)
      rspec-support (~> 3.9.0)
    rspec-support (3.9.2)
    rubocop (0.52.1)
      parallel (~> 1.10)
      parser (>= 2.4.0.2, < 3.0)
      powerpack (~> 0.1)
      rainbow (>= 2.2.2, < 4.0)
      ruby-progressbar (~> 1.7)
      unicode-display_width (~> 1.0, >= 1.0.1)
    rubocop-rspec (1.23.0)
      rubocop (>= 0.52.1)
    ruby-progressbar (1.10.1)
    safe_yaml (1.0.5)
    simplecov (0.18.2)
      docile (~> 1.1)
      simplecov-html (~> 0.11)
    simplecov-html (0.12.0)
    spring (2.1.0)
    spring-watcher-listen (2.0.1)
      listen (>= 2.7, < 4.0)
      spring (>= 1.2, < 3.0)
    sprockets (4.0.0)
      concurrent-ruby (~> 1.0)
      rack (> 1, < 3)
    sprockets-rails (3.2.1)
      actionpack (>= 4.0)
      activesupport (>= 4.0)
      sprockets (>= 3.0.0)
    strong_migrations (0.6.2)
      activerecord (>= 5)
    sweet_notifications (1.0.1)
      activesupport (>= 4.0)
      railties (>= 4.0)
      request_store (~> 1.0)
    thor (1.0.1)
    thread_safe (0.3.6)
    tzinfo (1.2.6)
      thread_safe (~> 0.1)
    unicode-display_width (1.6.1)
    webmock (3.8.2)
      addressable (>= 2.3.6)
      crack (>= 0.3.2)
      hashdiff (>= 0.4.0, < 2.0.0)
    websocket-driver (0.7.1)
      websocket-extensions (>= 0.1.0)
    websocket-extensions (0.1.4)

PLATFORMS
  ruby

DEPENDENCIES
  byebug
  dotenv-rails
  excon-rails
  faraday (~> 0.9.2)
  ffi (~> 1.9.24)
  jbuilder (~> 2.5)
  listen (~> 3.0.5)
  newrelic_rpm (~> 4.5)
  pg (~> 0.18)
  puma (~> 3.0)
  rails (~> 5.2)
  rb-readline
  rspec-rails (~> 3.5)
  rubocop (~> 0.52.0)
  rubocop-rspec
  simplecov
  spring
  spring-watcher-listen (~> 2.0.0)
  strong_migrations (~> 0.3)
  webmock

BUNDLED WITH
   1.17.3
